PATH
  remote: .
  specs:
    pagelyzer (0.1.0)
      headless
      mini_magick
      nokogiri
      rjb
      sanitize
      selenium-webdriver

GEM
  remote: http://rubygems.org/
  specs:
    childprocess (0.3.9)
      ffi (~> 1.0, >= 1.0.11)
    ffi (1.9.0)
    headless (1.0.1)
    mini_magick (3.6.0)
      subexec (~> 0.2.1)
    mini_portile (0.5.1)
    multi_json (1.8.1)
    nokogiri (1.6.0)
      mini_portile (~> 0.5.0)
    rjb (1.4.8)
    rubyzip (1.0.0)
    sanitize (2.0.6)
      nokogiri (>= 1.4.4)
    selenium-webdriver (2.37.0)
      childprocess (>= 0.2.5)
      multi_json (~> 1.0)
      rubyzip (~> 1.0.0)
      websocket (~> 1.0.4)
    subexec (0.2.3)
    websocket (1.0.7)

PLATFORMS
  ruby

DEPENDENCIES
  pagelyzer!
